GIT
  remote: https://github.com/brianmario/mysql2.git
  revision: ca08712c6c8ea672df658bb25b931fea22555f27
  specs:
    mysql2 (0.5.3)

GEM
  remote: https://rubygems.org/
  specs:
    activemodel (6.0.3.2)
      activesupport (= 6.0.3.2)
    activerecord (6.0.3.2)
      activemodel (= 6.0.3.2)
      activesupport (= 6.0.3.2)
    activesupport (6.0.3.2)
      concurrent-ruby (~> 1.0, >= 1.0.2)
      i18n (>= 0.7, < 2)
      minitest (~> 5.1)
      tzinfo (~> 1.1)
      zeitwerk (~> 2.2, >= 2.2.2)
    bigdecimal (1.4.2)
    builder (3.2.4)
    concurrent-ruby (1.1.6)
    i18n (1.8.3)
      concurrent-ruby (~> 1.0)
    minitest (5.14.1)
    require_all (3.0.0)
    thread_safe (0.3.6)
    tzinfo (1.2.7)
      thread_safe (~> 0.1)
    zeitwerk (2.3.0)

PLATFORMS
  x64-mingw32

DEPENDENCIES
  activerecord (~> 6.0, >= 6.0.3.2)
  bigdecimal (= 1.4.2)
  builder (~> 3.2, >= 3.2.4)
  mysql2!
  require_all (~> 3.0)

RUBY VERSION
   ruby 2.7.1p83

BUNDLED WITH
   2.1.4
